PATH
  remote: .
  specs:
    trazzler-api (0.1.8)
      hashie
      httparty
      json

GEM
  remote: http://rubygems.org/
  specs:
    crack (0.1.6)
    diff-lcs (1.1.2)
    hashie (0.2.0)
    httparty (0.5.2)
      crack (= 0.1.6)
    json (1.4.3)
    rspec (2.0.1)
      rspec-core (~> 2.0.1)
      rspec-expectations (~> 2.0.1)
      rspec-mocks (~> 2.0.1)
    rspec-core (2.0.1)
    rspec-expectations (2.0.1)
      diff-lcs (>= 1.1.2)
    rspec-mocks (2.0.1)
      rspec-core (~> 2.0.1)
      rspec-expectations (~> 2.0.1)

PLATFORMS
  ruby

DEPENDENCIES
  bundler (>= 1.0.0)
  hashie
  httparty
  json
  rspec (~> 2.0.1)
  trazzler-api!
