PATH
  remote: .
  specs:
    trazzler-api (0.2.0)
      hashie (~> 0.2.0)
      httparty (~> 0.6.1)
      json (~> 1.4.3)

GEM
  remote: http://rubygems.org/
  specs:
    addressable (2.2.2)
    crack (0.1.8)
    diff-lcs (1.1.2)
    hashie (0.2.0)
    httparty (0.6.1)
      crack (= 0.1.8)
    json (1.4.3)
    rspec (2.0.1)
      rspec-core (~> 2.0.1)
      rspec-expectations (~> 2.0.1)
      rspec-mocks (~> 2.0.1)
    rspec-core (2.0.1)
    rspec-expectations (2.0.1)
      diff-lcs (>= 1.1.2)
    rspec-mocks (2.0.1)
      rspec-core (~> 2.0.1)
      rspec-expectations (~> 2.0.1)
    webmock (1.4.0)
      addressable (>= 2.2.2)
      crack (>= 0.1.7)

PLATFORMS
  ruby

DEPENDENCIES
  bundler (>= 1.0.0)
  hashie (~> 0.2.0)
  httparty (~> 0.6.1)
  json (~> 1.4.3)
  rspec (~> 2.0.1)
  trazzler-api!
  webmock (~> 1.4.0)
